GEM
  remote: https://rubygems.org/
  specs:
    chunky_png (1.4.0)
    perlin_noise (0.2.0)

PLATFORMS
  x86_64-linux

DEPENDENCIES
  chunky_png
  perlin_noise

BUNDLED WITH
   2.3.5
